GEM
  remote: https://rubygems.org/
  specs:
    cast (0.3.1)

PLATFORMS
  x86_64-linux

DEPENDENCIES
  cast (~> 0.3.1)

BUNDLED WITH
   2.3.20
